GEM
  remote: https://rubygems.org/
  specs:
    cpf_cnpj (0.5.0)
    sequel (5.71.0)
    sqlite3 (1.6.3-x86_64-linux)

PLATFORMS
  x86_64-linux

DEPENDENCIES
  cpf_cnpj (~> 0.5.0)
  sequel (~> 5.71)
  sqlite3 (~> 1.6)

BUNDLED WITH
   2.4.17
