GEM
  remote: https://rubygems.org/
  specs:
    concurrent-ruby (1.2.2)
    cpf_cnpj (0.5.0)
    faker (3.2.0)
      i18n (>= 1.8.11, < 2)
    i18n (1.14.1)
      concurrent-ruby (~> 1.0)
    sequel (5.71.0)
    sqlite3 (1.6.3-x86_64-linux)

PLATFORMS
  x86_64-linux

DEPENDENCIES
  cpf_cnpj (~> 0.5.0)
  faker (~> 3.2)
  sequel (~> 5.71)
  sqlite3 (~> 1.6)

BUNDLED WITH
   2.4.17
